GIT
  remote: git://github.com/C-B4/omnibus-software.git
  revision: 5ca81f48729e6dc373f5f6f8c4956b17f0bd2705
  branch: master
  specs:
    omnibus-software (4.0.0)

GIT
  remote: git://github.com/chef/omnibus.git
  revision: 7232cbcbe41a9b9a6891cf987e0be3a8af2f544c
  specs:
    omnibus (4.0.0)
      aws-sdk (~> 2)
      chef-sugar (~> 3.0)
      cleanroom (~> 1.0)
      mixlib-shellout (~> 2.0)
      mixlib-versioning
      ohai (~> 8.0)
      ruby-progressbar (~> 1.7)
      thor (~> 0.18)

GEM
  remote: https://rubygems.org/
  specs:
    aws-sdk (2.1.17)
      aws-sdk-resources (= 2.1.17)
    aws-sdk-core (2.1.17)
      jmespath (~> 1.0)
    aws-sdk-resources (2.1.17)
      aws-sdk-core (= 2.1.17)
    chef-sugar (3.1.1)
    cleanroom (1.0.0)
    ffi (1.9.10)
    ffi-yajl (2.2.2)
      libyajl2 (~> 1.2)
    ipaddress (0.8.0)
    jmespath (1.0.2)
      multi_json (~> 1.0)
    json (1.8.3)
    libyajl2 (1.2.0)
    mime-types (2.6.1)
    mixlib-cli (1.5.0)
    mixlib-config (2.2.1)
    mixlib-log (1.6.0)
    mixlib-shellout (2.1.0)
    mixlib-versioning (1.1.0)
    multi_json (1.11.2)
    ohai (8.5.1)
      ffi (~> 1.9)
      ffi-yajl (~> 2.2)
      ipaddress
      mime-types (~> 2.0)
      mixlib-cli
      mixlib-config (~> 2.0)
      mixlib-log
      mixlib-shellout (~> 2.0)
      rake (~> 10.1)
      systemu (~> 2.6.4)
      wmi-lite (~> 1.0)
    rake (10.4.2)
    ruby-progressbar (1.7.5)
    systemu (2.6.5)
    thor (0.19.1)
    wmi-lite (1.0.0)

PLATFORMS
  ruby

DEPENDENCIES
  json
  omnibus!
  omnibus-software!

BUNDLED WITH
   1.10.6
